GIT
  remote: https://github.com/openjournals/whedon.git
  revision: 195e6d124d0fbd5346b87659e695325df9a18334
  ref: 195e6d124d0fbd5346b87659e695325df9a18334
  specs:
    whedon (0.1.0)
      bibtex-ruby
      dotenv
      latex-decode
      metamatter (~> 0.2.0)
      octokit (~> 4.0)
      redcarpet (~> 3.3)
      rest-client (~> 1.8)
      thor (~> 0.19)
      tilt

GEM
  remote: https://rubygems.org/
  specs:
    addressable (2.5.2)
      public_suffix (>= 2.0.2, < 4.0)
    algorithmia (0.2.0)
      httparty (~> 0.13.1)
      json (~> 1.8)
      rake (~> 10.4)
    backports (3.11.3)
    bibtex-ruby (4.4.7)
      latex-decode (~> 0.0)
    byebug (10.0.2)
    charlock_holmes (0.7.6)
    coderay (1.1.2)
    concurrent-ruby (1.0.5)
    connection_pool (2.2.2)
    domain_name (0.5.20180417)
      unf (>= 0.0.5, < 1.0.0)
    dotenv (2.4.0)
    escape_utils (1.1.1)
    faraday (0.15.2)
      multipart-post (>= 1.2, < 3)
    github-linguist (5.3.3)
      charlock_holmes (~> 0.7.5)
      escape_utils (~> 1.1.0)
      mime-types (>= 1.19)
      rugged (>= 0.25.1)
    http-cookie (1.0.3)
      domain_name (~> 0.5)
    httparty (0.13.7)
      json (~> 1.8)
      multi_xml (>= 0.5.2)
    json (1.8.6)
    kgio (2.11.2)
    latex-decode (0.3.1)
    metamatter (0.2.0)
      algorithmia (~> 0.2.0)
      httparty (~> 0.13)
      octokit (~> 4.0)
      thor (~> 0.19)
    method_source (0.9.0)
    mime-types (2.99.3)
    multi_json (1.13.1)
    multi_xml (0.6.0)
    multipart-post (2.0.0)
    mustermann (1.0.2)
    netrc (0.11.0)
    octokit (4.7.0)
      sawyer (~> 0.8.0, >= 0.5.3)
    pry (0.11.3)
      coderay (~> 1.1.0)
      method_source (~> 0.9.0)
    pry-byebug (3.6.0)
      byebug (~> 10.0)
      pry (~> 0.10)
    public_suffix (3.0.2)
    rack (2.0.5)
    rack-protection (2.0.0)
      rack
    raindrops (0.19.0)
    rake (10.5.0)
    redcarpet (3.4.0)
    redis (4.0.1)
    rest-client (1.8.0)
      http-cookie (>= 1.0.2, < 2.0)
      mime-types (>= 1.16, < 3.0)
      netrc (~> 0.7)
    rugged (0.27.1)
    sawyer (0.8.1)
      addressable (>= 2.3.5, < 2.6)
      faraday (~> 0.8, < 1.0)
    sidekiq (5.0.5)
      concurrent-ruby (~> 1.0)
      connection_pool (~> 2.2, >= 2.2.0)
      rack-protection (>= 1.5.0)
      redis (>= 3.3.4, < 5)
    sinatra (2.0.0)
      mustermann (~> 1.0)
      rack (~> 2.0)
      rack-protection (= 2.0.0)
      tilt (~> 2.0)
    sinatra-contrib (2.0.0)
      backports (>= 2.0)
      multi_json
      mustermann (~> 1.0)
      rack-protection (= 2.0.0)
      sinatra (= 2.0.0)
      tilt (>= 1.3, < 3)
    thor (0.20.0)
    tilt (2.0.8)
    unf (0.1.4)
      unf_ext
    unf_ext (0.0.7.5)
    unicorn (5.3.1)
      kgio (~> 2.6)
      raindrops (~> 0.7)

PLATFORMS
  ruby

DEPENDENCIES
  github-linguist (~> 5.3)
  octokit (= 4.7.0)
  pry-byebug
  rest-client (~> 1.8)
  sidekiq (= 5.0.5)
  sinatra (= 2.0.0)
  sinatra-contrib (= 2.0.0)
  unicorn (= 5.3.1)
  whedon!

BUNDLED WITH
   1.16.0
